PATH
  remote: .
  specs:
    gaston (0.5.1)
      inflecto

GEM
  remote: https://rubygems.org/
  specs:
    diff-lcs (1.1.3)
    inflecto (0.0.2)
    rake (10.1.0)
    rspec (2.8.0)
      rspec-core (~> 2.8.0)
      rspec-expectations (~> 2.8.0)
      rspec-mocks (~> 2.8.0)
    rspec-core (2.8.0)
    rspec-expectations (2.8.0)
      diff-lcs (~> 1.1.2)
    rspec-mocks (2.8.0)

PLATFORMS
  ruby

DEPENDENCIES
  gaston!
  rake
  rspec (~> 2.8)
